PATH
  remote: .
  specs:
    simplecov-rcov (0.2.3)
      simplecov (>= 0.4.1)

GEM
  remote: http://rubygems.org/
  specs:
    mocha (1.11.2)
    multi_json (1.3.6)
    rake (0.9.2)
    simplecov (0.6.4)
      multi_json (~> 1.0)
      simplecov-html (~> 0.5.3)
    simplecov-html (0.5.3)

PLATFORMS
  ruby

DEPENDENCIES
  bundler (>= 1.0.0.rc.6)
  mocha
  rake
  simplecov-rcov!
