PATH
  remote: .
  specs:
    simplecov-rcov (0.2.3)
      simplecov (>= 0.4.1)

GEM
  remote: http://rubygems.org/
  specs:
    docile (1.3.2)
    mocha (0.9.12)
    rake (0.9.2)
    simplecov (0.18.5)
      docile (~> 1.1)
      simplecov-html (~> 0.11)
    simplecov-html (0.12.2)

PLATFORMS
  ruby

DEPENDENCIES
  bundler (>= 1.0.0.rc.6)
  mocha
  rake
  simplecov-rcov!
