PATH
  remote: .
  specs:
    simplecov-rcov (0.2.3)
      simplecov (>= 0.4.1)

GEM
  remote: http://rubygems.org/
  specs:
    docile (1.3.4)
    mocha (1.11.2)
    rake (12.3.3)
    simplecov (0.21.0)
      docile (~> 1.1)
      simplecov-html (~> 0.11)
      simplecov_json_formatter (~> 0.1)
    simplecov-html (0.12.3)
    simplecov_json_formatter (0.1.2)

PLATFORMS
  ruby

DEPENDENCIES
  bundler (>= 1.0.0.rc.6)
  mocha
  rake (~> 12.3.3)
  simplecov-rcov!

BUNDLED WITH
   1.17.2
